GEM
  remote: https://rubygems.org/
  specs:
    colored (1.2)
    colorist (0.0.2)
    digiusb (1.0.5)
      colored (>= 1.2)
      colorist (>= 0.0.2)
      libusb (>= 0.2.0)
    ffi (1.9.0)
    libusb (0.3.4)
      ffi (>= 1.0)

PLATFORMS
  ruby

DEPENDENCIES
  digiusb
